PATH
  remote: .
  specs:
    iterable-api-client (0.3.1)
      multi_json (>= 1.12.0)

GEM
  remote: https://rubygems.org/
  specs:
    addressable (2.5.2)
      public_suffix (>= 2.0.2, < 4.0)
    ast (2.3.0)
    byebug (9.0.6)
    coderay (1.1.2)
    coveralls (0.8.21)
      json (>= 1.8, < 3)
      simplecov (~> 0.14.1)
      term-ansicolor (~> 1.3)
      thor (~> 0.19.4)
      tins (~> 1.6)
    crack (0.4.3)
      safe_yaml (~> 1.0.0)
    diff-lcs (1.3)
    docile (1.1.5)
    dotenv (2.2.1)
    ethon (0.10.1)
      ffi (>= 1.3.0)
    ffi (1.9.18)
    gemcutter (0.7.1)
    hashdiff (0.3.6)
    json (2.1.0)
    method_source (0.8.2)
    multi_json (1.12.2)
    parallel (1.12.0)
    parser (2.4.0.0)
      ast (~> 2.2)
    powerpack (0.1.1)
    pry (0.10.4)
      coderay (~> 1.1.0)
      method_source (~> 0.8.1)
      slop (~> 3.4)
    pry-byebug (3.4.3)
      byebug (>= 9.0, < 9.1)
      pry (~> 0.10)
    pry-doc (0.11.1)
      pry (~> 0.9)
      yard (~> 0.9)
    public_suffix (3.0.0)
    rainbow (2.2.2)
      rake
    rake (12.0.0)
    redcarpet (3.4.0)
    rspec (3.6.0)
      rspec-core (~> 3.6.0)
      rspec-expectations (~> 3.6.0)
      rspec-mocks (~> 3.6.0)
    rspec-core (3.6.0)
      rspec-support (~> 3.6.0)
    rspec-expectations (3.6.0)
      diff-lcs (>= 1.2.0, < 2.0)
      rspec-support (~> 3.6.0)
    rspec-mocks (3.6.0)
      diff-lcs (>= 1.2.0, < 2.0)
      rspec-support (~> 3.6.0)
    rspec-support (3.6.0)
    rubocop (0.49.1)
      parallel (~> 1.10)
      parser (>= 2.3.3.1, < 3.0)
      powerpack (~> 0.1)
      rainbow (>= 1.99.1, < 3.0)
      ruby-progressbar (~> 1.7)
      unicode-display_width (~> 1.0, >= 1.0.1)
    ruby-progressbar (1.9.0)
    safe_yaml (1.0.4)
    simplecov (0.14.1)
      docile (~> 1.1.0)
      json (>= 1.8, < 3)
      simplecov-html (~> 0.10.0)
    simplecov-html (0.10.2)
    slop (3.6.0)
    term-ansicolor (1.6.0)
      tins (~> 1.0)
    thor (0.19.4)
    tins (1.15.0)
    typhoeus (1.3.0)
      ethon (>= 0.9.0)
    unicode-display_width (1.3.0)
    vcr (3.0.3)
    webmock (3.0.1)
      addressable (>= 2.3.6)
      crack (>= 0.3.2)
      hashdiff
    yard (0.9.9)

PLATFORMS
  ruby

DEPENDENCIES
  coveralls (~> 0.8.21)
  dotenv (~> 2.2.0)
  gemcutter (~> 0.7.1)
  iterable-api-client!
  multi_json (~> 1.12.1)
  pry (~> 0.10.4)
  pry-byebug (~> 3.4.2)
  pry-doc (~> 0.11.1)
  rake (~> 12.0.0)
  redcarpet (~> 3.4.0)
  rspec (~> 3.6.0)
  rubocop (~> 0.49.1)
  simplecov (~> 0.14.1)
  typhoeus (~> 1.3.0)
  vcr (~> 3.0.3)
  webmock (~> 3.0.1)
  yard (~> 0.9.5)

BUNDLED WITH
   1.17.2
